GEM
  remote: https://rubygems.org/
  specs:
    activemerchant (1.105.0)
      activesupport (>= 4.2)
      builder (>= 2.1.2, < 4.0.0)
      i18n (>= 0.6.9)
      nokogiri (~> 1.4)
    activesupport (6.0.2.1)
      concurrent-ruby (~> 1.0, >= 1.0.2)
      i18n (>= 0.7, < 2)
      minitest (~> 5.1)
      tzinfo (~> 1.1)
      zeitwerk (~> 2.2)
    builder (3.2.4)
    concurrent-ruby (1.1.6)
    i18n (1.8.2)
      concurrent-ruby (~> 1.0)
    mini_portile2 (2.4.0)
    minitest (5.14.0)
    nice_hash (1.15.4)
      string_pattern (~> 2.2, >= 2.2.1)
    nokogiri (1.10.9)
      mini_portile2 (~> 2.4.0)
    regexp_parser (1.7.0)
    string_pattern (2.2.1)
      regexp_parser (~> 1.3, >= 1.3.0)
    thread_safe (0.3.6)
    tzinfo (1.2.6)
      thread_safe (~> 0.1)
    zeitwerk (2.3.0)

PLATFORMS
  ruby

DEPENDENCIES
  activemerchant
  nice_hash

BUNDLED WITH
   1.11.2
